PATH
  remote: .
  specs:
    redlander (0.3.6)
      ffi (~> 1.0)
      xml_schema (~> 0.0.1)

GEM
  remote: http://rubygems.org/
  specs:
    ffi (1.1.0)
    rake (0.9.2.2)
    rspec (1.3.2)
    xml_schema (0.0.3)

PLATFORMS
  ruby

DEPENDENCIES
  rake
  redlander!
  rspec (~> 1)
