PATH
  remote: .
  specs:
    redlander (0.6.1)
      ffi (~> 1.3)
      xml_schema (~> 0.2.0)

GEM
  remote: http://rubygems.org/
  specs:
    diff-lcs (1.2.1)
    ffi (1.9.0)
    rake (10.0.3)
    rspec (2.13.0)
      rspec-core (~> 2.13.0)
      rspec-expectations (~> 2.13.0)
      rspec-mocks (~> 2.13.0)
    rspec-core (2.13.0)
    rspec-expectations (2.13.0)
      diff-lcs (>= 1.1.3, < 2.0)
    rspec-mocks (2.13.0)
    xml_schema (0.2.0)

PLATFORMS
  ruby

DEPENDENCIES
  rake
  redlander!
  rspec (~> 2)
