PATH
  remote: .
  specs:
    redlander (0.2.0)
      xml_schema (= 0.0.1)

GEM
  remote: http://rubygems.org/
  specs:
    rspec (1.3.2)
    xml_schema (0.0.1)

PLATFORMS
  ruby

DEPENDENCIES
  redlander!
  rspec (~> 1)
  xml_schema (= 0.0.1)
